GEM
  remote: https://rubygems.org/
  specs:
    diffy (3.0.7)
    erubis (2.7.0)
    kgio (2.10.0)
    mysql2 (0.4.0)
    mysql2-client-general_log (0.2.1)
      mysql2
    mysql2-cs-bind (0.0.6)
      mysql2
    rack (1.6.4)
    rack-protection (1.5.3)
      rack
    raindrops (0.15.0)
    sinatra (1.4.6)
      rack (~> 1.4)
      rack-protection (~> 1.4)
      tilt (>= 1.3, < 3)
    stackprof (0.2.7)
    tilt (2.0.1)
    unicorn (4.9.0)
      kgio (~> 2.6)
      rack
      raindrops (~> 0.7)

PLATFORMS
  ruby

DEPENDENCIES
  diffy
  erubis
  mysql2
  mysql2-client-general_log
  mysql2-cs-bind
  sinatra
  stackprof
  unicorn

BUNDLED WITH
   1.10.6
